GIT
  remote: http://github.com/sanger/lims-exception-notifier-app.git
  revision: 360dda5975b21a7b5bea1575ed5de176ad9ba8fb
  branch: master
  specs:
    lims-exception-notifier-app (0.1.3)
      mustache (~> 0.99.4)

GIT
  remote: http://github.com/sanger/psd_logger.git
  revision: dd2d634114df75b1d8535715c169a7fc99521389
  specs:
    psd_logger (0.1.6)

GIT
  remote: https://github.com/defunkt/mustache.git
  revision: 0e170a145e3418c16267f5702fb38bf7d41e55a5
  specs:
    mustache (0.99.5)

GIT
  remote: https://github.com/sanger/lims-busclient.git
  revision: 09730aba1fe7ff4d6fa36a9940c3fc8e04ae1bd1
  branch: uat
  specs:
    lims-busclient (0.4.1.rc1)
      aequitas
      amqp
      facets
      virtus

PATH
  remote: .
  specs:
    lims-emailnotifier-app (0.4.1.pre)
      bunny (= 0.9.0.pre10)
      rest-client

GEM
  remote: http://rubygems.org/
  specs:
    aequitas (0.0.2)
    amq-protocol (1.9.2)
    amqp (1.3.0)
      amq-protocol (>= 1.9.2)
      eventmachine
    atomic (1.1.16)
    axiom-types (0.1.0)
      descendants_tracker (~> 0.0.3)
      ice_nine (~> 0.11.0)
      thread_safe (~> 0.1.3)
    bond (0.4.3)
    bunny (0.9.0.pre10)
      amq-protocol (>= 1.4.0)
    coderay (1.0.9)
    coercible (1.0.0)
      descendants_tracker (~> 0.0.1)
    columnize (0.3.6)
    debugger (1.6.1)
      columnize (>= 0.3.1)
      debugger-linecache (~> 1.2.0)
      debugger-ruby_core_source (~> 1.2.3)
    debugger-completion (1.0.0)
      bond (>= 0.4.2)
      debugger (~> 1.1)
    debugger-linecache (1.2.0)
    debugger-pry (0.1.1)
      debugger (~> 1)
      pry (>= 0.9.9)
    debugger-ruby_core_source (1.2.3)
    descendants_tracker (0.0.3)
    diff-lcs (1.1.3)
    equalizer (0.0.9)
    eventmachine (1.0.3)
    facets (2.9.3)
    github-markup (0.7.5)
    hashdiff (0.1.1)
    ice_nine (0.11.0)
    method_source (0.8.2)
    mime-types (2.0)
    pry (0.9.12.2)
      coderay (~> 1.0.5)
      method_source (~> 0.8)
      slop (~> 3.4)
    rack (1.5.2)
    rack-test (0.6.2)
      rack (>= 1.0)
    rake (0.9.6)
    rest-client (1.6.7)
      mime-types (>= 1.16)
    rspec (2.8.0)
      rspec-core (~> 2.8.0)
      rspec-expectations (~> 2.8.0)
      rspec-mocks (~> 2.8.0)
    rspec-core (2.8.0)
    rspec-expectations (2.8.0)
      diff-lcs (~> 1.1.2)
    rspec-mocks (2.8.0)
    shotgun (0.9)
      rack (>= 1.0)
    slop (3.4.6)
    thread_safe (0.1.3)
      atomic
    virtus (1.0.2)
      axiom-types (~> 0.1)
      coercible (~> 1.0)
      descendants_tracker (~> 0.0.3)
      equalizer (~> 0.0.9)
    yard (0.8.7)
    yard-rspec (0.1)
      yard

PLATFORMS
  ruby

DEPENDENCIES
  debugger
  debugger-completion
  debugger-pry
  github-markup (~> 0.7.1)
  hashdiff
  lims-busclient (~> 0.4.0.rc1)!
  lims-emailnotifier-app!
  lims-exception-notifier-app (~> 0.1)!
  mustache (~> 0.99.4)!
  pry
  psd_logger!
  rack-test (~> 0.6.1)
  rake (~> 0.9.2)
  rspec (~> 2.8.0)
  shotgun
  yard (>= 0.7.0)
  yard-rspec (= 0.1)
